PATH
  remote: .
  specs:
    db_importer (0.0.1)
      activesupport
      cocaine

GEM
  remote: https://rubygems.org/
  specs:
    activesupport (3.2.3)
      i18n (~> 0.6)
      multi_json (~> 1.0)
    cocaine (0.2.1)
    i18n (0.6.0)
    multi_json (1.3.4)
    rake (0.9.2.2)

PLATFORMS
  ruby

DEPENDENCIES
  db_importer!
  rake
