GEM
  specs:
    activesupport (3.2.2)
      i18n (~> 0.6)
      multi_json (~> 1.0)
    cocaine (0.2.1)
    i18n (0.6.0)
    multi_json (1.0.4)

PLATFORMS
  ruby

DEPENDENCIES
  activesupport
  cocaine
